GEM
  remote: https://rubygems.org/
  specs:
    addressable (2.5.1)
      public_suffix (~> 2.0, >= 2.0.2)
    ast (2.3.0)
    concurrent-ruby (1.0.5)
    dotenv (2.2.0)
    faraday (0.12.0.1)
      multipart-post (>= 1.2, < 3)
    gitlab (3.7.0)
      httparty (~> 0.13.0)
      terminal-table
    httparty (0.13.7)
      json (~> 1.8)
      multi_xml (>= 0.5.2)
    json (1.8.3)
    multi_xml (0.6.0)
    multipart-post (2.0.0)
    octokit (4.7.0)
      sawyer (~> 0.8.0, >= 0.5.3)
    parser (2.4.0.0)
      ast (~> 2.2)
    powerpack (0.1.1)
    pronto (0.8.2)
      gitlab (~> 3.6, >= 3.4.0)
      httparty (>= 0.13.7, < 0.15)
      octokit (~> 4.3, >= 4.1.0)
      rainbow (~> 2.1)
      rugged (~> 0.24, >= 0.23.0)
      thor (~> 0.19.0)
    pronto-eslint_npm (0.8.1)
      pronto (~> 0.8.0)
    pronto-rubocop (0.8.1)
      pronto (~> 0.8.0)
      rubocop (~> 0.38, >= 0.35.0)
    pronto-scss (0.8.0)
      pronto (~> 0.8.0)
      scss_lint (~> 0.43, >= 0.43.0)
    public_suffix (2.0.5)
    rack (1.6.5)
    rack-protection (1.5.3)
      rack
    rainbow (2.2.1)
    rake (12.0.0)
    rubocop (0.48.1)
      parser (>= 2.3.3.1, < 3.0)
      powerpack (~> 0.1)
      rainbow (>= 1.99.1, < 3.0)
      ruby-progressbar (~> 1.7)
      unicode-display_width (~> 1.0, >= 1.0.1)
    ruby-progressbar (1.8.1)
    rugged (0.25.1.1)
    sass (3.4.23)
    sawyer (0.8.1)
      addressable (>= 2.3.5, < 2.6)
      faraday (~> 0.8, < 1.0)
    scss_lint (0.53.0)
      rake (>= 0.9, < 13)
      sass (~> 3.4.20)
    sinatra (1.4.8)
      rack (~> 1.5)
      rack-protection (~> 1.4)
      tilt (>= 1.3, < 3)
    sucker_punch (2.0.2)
      concurrent-ruby (~> 1.0.0)
    terminal-table (1.7.3)
      unicode-display_width (~> 1.1.1)
    thor (0.19.4)
    tilt (2.0.7)
    unicode-display_width (1.1.3)

PLATFORMS
  ruby

DEPENDENCIES
  dotenv
  json
  pronto
  pronto-eslint_npm
  pronto-rubocop
  pronto-scss
  rack
  rugged
  sinatra
  sucker_punch (~> 2.0)

BUNDLED WITH
   1.13.1
